GIT
  remote: http://github.com/eventmachine/eventmachine.git
  revision: 5f1b8d770721c10a7481d82eca18b563de87da3c
  specs:
    eventmachine (0.12.11)

GIT
  remote: http://github.com/ichverstehe/couchchanges.git
  revision: fa3e46f277859cae418fc72ad38b1f8c3573c15f
  specs:
    couchchanges (0.1)
      em-http-request (>= 0.2.7)
      json

GIT
  remote: http://github.com/joshbuddy/em-spec.git
  revision: 25509a6efa0ca71cdd1146ad084e110d2af01f5a
  specs:
    em-spec (0.2.2)

GEM
  remote: http://rubygems.org/
  specs:
    addressable (2.2.1)
    contest (0.1.2)
    couchrest (1.0.1)
      json (>= 1.4.6)
      mime-types (>= 1.15)
      rest-client (>= 1.5.1)
    em-http-request (0.2.13)
      addressable (>= 2.0.0)
      eventmachine (>= 0.12.9)
    json (1.4.6)
    mime-types (1.16)
    rest-client (1.6.1)
      mime-types (>= 1.16)

PLATFORMS
  ruby

DEPENDENCIES
  contest
  couchchanges!
  couchrest
  em-http-request (= 0.2.13)
  em-spec!
  eventmachine!
  json (= 1.4.6)
